PATH
  remote: .
  specs:
    hotline (0.1.0)
      bindata (~> 2.0)

GEM
  remote: https://rubygems.org/
  specs:
    ast (2.4.0)
    bindata (2.4.10)
    jaro_winkler (1.5.4)
    minitest (5.14.0)
    parallel (1.19.1)
    parser (2.7.0.4)
      ast (~> 2.4.0)
    rainbow (3.0.0)
    rake (13.0.1)
    rubocop (0.79.0)
      jaro_winkler (~> 1.5.1)
      parallel (~> 1.10)
      parser (>= 2.7.0.1)
      rainbow (>= 2.2.2, < 4.0)
      ruby-progressbar (~> 1.7)
      unicode-display_width (>= 1.4.0, < 1.7)
    rubocop-performance (1.5.2)
      rubocop (>= 0.71.0)
    ruby-progressbar (1.10.1)
    standard (0.2.1)
      rubocop (~> 0.79.0)
      rubocop-performance (~> 1.5.1)
    unicode-display_width (1.6.1)

PLATFORMS
  ruby

DEPENDENCIES
  bundler (~> 2.1)
  hotline!
  minitest (~> 5.14)
  rake (~> 13.0)
  standard (~> 0.2)

BUNDLED WITH
   2.1.4
